GIT
  remote: https://github.com/prawnpdf/prawn.git
  revision: 6a05a4ea6e22b43bb0773f7e7b1f7936a6a431b6
  specs:
    prawn (1.0.0.rc2)
      afm
      pdf-reader (~> 1.2)
      ruby-rc4
      ttfunk (~> 1.0.3)

GEM
  remote: https://rubygems.org/
  specs:
    Ascii85 (1.0.2)
    afm (0.2.0)
    coderay (1.0.9)
    hashery (2.1.1)
    minitest (5.0.8)
    pdf-reader (1.3.3)
      Ascii85 (~> 1.0.0)
      afm (~> 0.2.0)
      hashery (~> 2.0)
      ruby-rc4
      ttfunk
    rake (10.1.0)
    ruby-rc4 (0.1.5)
    stringex (1.5.1)
    ttfunk (1.0.3)

PLATFORMS
  ruby

DEPENDENCIES
  coderay (~> 1.0.0)
  minitest (~> 5.0)
  prawn!
  rake
  stringex (~> 1.5.1)
